GEM
  remote: https://rubygems.org/
  specs:
    newrelic_rpm (3.7.3.204)
    rack (1.5.2)
    rack-protection (1.5.2)
      rack
    sinatra (1.4.4)
      rack (~> 1.4)
      rack-protection (~> 1.4)
      tilt (~> 1.3, >= 1.3.4)
    tilt (1.4.1)

PLATFORMS
  ruby

DEPENDENCIES
  bundler (= 1.5.3)
  newrelic_rpm
  rack (= 1.5.2)
  rack-protection (= 1.5.2)
  sinatra (= 1.4.4)
  tilt (= 1.4.1)
